GEM
  remote: https://rubygems.org/
  specs:
    excon (0.9.6)
    heroku-api (0.1.0)
      excon (~> 0.9.4)
    rack (1.4.1)
    rack-protection (1.2.0)
      rack
    sinatra (1.3.2)
      rack (~> 1.3, >= 1.3.6)
      rack-protection (~> 1.2)
      tilt (~> 1.3, >= 1.3.3)
    tilt (1.3.3)

PLATFORMS
  ruby

DEPENDENCIES
  heroku-api
  sinatra
